PATH
  remote: .
  specs:
    cachy (0.4.2)
      mini_memory_store

GEM
  remote: https://rubygems.org/
  specs:
    bump (0.3.8)
    diff-lcs (1.1.3)
    mini_memory_store (0.1.0)
    rake (10.0.3)
    rspec (2.12.0)
      rspec-core (~> 2.12.0)
      rspec-expectations (~> 2.12.0)
      rspec-mocks (~> 2.12.0)
    rspec-core (2.12.2)
    rspec-expectations (2.12.1)
      diff-lcs (~> 1.1.3)
    rspec-mocks (2.12.1)

PLATFORMS
  ruby

DEPENDENCIES
  bump
  cachy!
  rake
  rspec (~> 2)

BUNDLED WITH
   1.16.0
